GEM
  specs:
    RedCloth (4.3.2)
    bibtex-ruby (4.4.3)
      latex-decode (~> 0.0)
    latex-decode (0.2.2)
      unicode (~> 0.4)
    unicode (0.4.4.2)

PLATFORMS
  ruby

DEPENDENCIES
  RedCloth (>= 4.0)
  bibtex-ruby

BUNDLED WITH
   1.16.1
